PATH
  remote: .
  specs:
    csvnormalizer (0.1)
      csv (~> 3.2.1)
      date (~> 3.2.0)
      rake (~> 13.0)
      thor (~> 1.1.0)

GEM
  remote: https://rubygems.org/
  specs:
    csv (3.2.1)
    date (3.2.0)
    rake (13.0.6)
    thor (1.1.0)

PLATFORMS
  x86_64-darwin-21

DEPENDENCIES
  csv (~> 3.2.1)
  csvnormalizer!
  date (~> 3.2.0)
  rake (~> 13.0)
  thor (~> 1.1.0)

BUNDLED WITH
   2.2.31
